{
  "PowerLineFrequency": 60,
  "TaskName": "Drive",
  "EEGChannelCount": 64,
  "MiscChannelCount": 10,
  "EEGReference": "common",
  "RecordingType": "continuous",
  "RecordingDuration": 821,
  "SamplingFrequency": 1024,
  "EOGChannelCount": 0,
  "ECGChannelCount": 0,
  "EMGChannelCount": 0,
  "SoftwareFilters": "n/a"
}